GIT
  remote: git://github.com/remiprev/her.git
  revision: 8a36c13877715a102b712e7d5770ee614e8560fe
  specs:
    her (0.5.5)
      activemodel (>= 3.0.0)
      activesupport (>= 3.0.0)
      faraday (~> 0.8)
      multi_json (~> 1.7)

GEM
  remote: https://rubygems.org/
  specs:
    activemodel (3.2.13)
      activesupport (= 3.2.13)
      builder (~> 3.0.0)
    activesupport (3.2.13)
      i18n (= 0.6.1)
      multi_json (~> 1.0)
    backports (3.3.0)
    builder (3.0.4)
    coderay (1.0.9)
    eventmachine (1.0.3)
    faraday (0.8.7)
      multipart-post (~> 1.1)
    foreman (0.62.0)
      thor (>= 0.13.6)
    haml (4.0.2)
      tilt
    hike (1.2.1)
    i18n (0.6.1)
    kgio (2.8.0)
    method_source (0.8.1)
    multi_json (1.7.2)
    multipart-post (1.2.0)
    pry (0.9.12)
      coderay (~> 1.0.5)
      method_source (~> 0.8)
      slop (~> 3.4)
    rack (1.5.2)
    rack-protection (1.5.0)
      rack
    rack-test (0.6.2)
      rack (>= 1.0)
    raindrops (0.10.0)
    rake (10.0.4)
    sass (3.2.7)
    sinatra (1.3.6)
      rack (~> 1.4)
      rack-protection (~> 1.3)
      tilt (~> 1.3, >= 1.3.3)
    sinatra-contrib (1.3.2)
      backports (>= 2.0)
      eventmachine
      rack-protection
      rack-test
      sinatra (~> 1.3.0)
      tilt (~> 1.3)
    sinatra-reloader (1.0)
      sinatra-contrib
    slop (3.4.4)
    sprockets (2.9.0)
      hike (~> 1.2)
      multi_json (~> 1.0)
      rack (~> 1.0)
      tilt (~> 1.1, != 1.3.0)
    sprockets-helpers (1.0.0)
      sprockets (~> 2.0)
    sprockets-sass (0.9.1)
      sprockets (~> 2.0)
      tilt (~> 1.1)
    thor (0.18.1)
    tilt (1.3.6)
    unicorn (4.6.2)
      kgio (~> 2.6)
      rack
      raindrops (~> 0.7)

PLATFORMS
  ruby

DEPENDENCIES
  foreman
  haml
  her!
  multi_json
  pry
  rake
  sass
  sinatra
  sinatra-reloader
  sprockets
  sprockets-helpers
  sprockets-sass
  unicorn
